GEM
  remote: https://rubygems.org/
  specs:
    debug (1.5.0)
      irb (>= 1.3.6)
      reline (>= 0.2.7)
    io-console (0.5.11)
    irb (1.4.1)
      reline (>= 0.3.0)
    multi_json (1.15.0)
    mustermann (1.1.1)
      ruby2_keywords (~> 0.0.1)
    nio4r (2.5.8)
    puma (5.6.4)
      nio4r (~> 2.0)
    rack (2.2.3)
    rack-protection (2.2.0)
      rack
    redcarpet (3.5.1)
    reline (0.3.1)
      io-console (~> 0.5)
    ruby2_keywords (0.0.5)
    sinatra (2.2.0)
      mustermann (~> 1.0)
      rack (~> 2.2)
      rack-protection (= 2.2.0)
      tilt (~> 2.0)
    sinatra-contrib (2.2.0)
      multi_json
      mustermann (~> 1.0)
      rack-protection (= 2.2.0)
      sinatra (= 2.2.0)
      tilt (~> 2.0)
    tilt (2.0.10)
    webrick (1.7.0)

PLATFORMS
  x86_64-darwin-21

DEPENDENCIES
  debug
  puma
  redcarpet
  sinatra
  sinatra-contrib
  webrick

BUNDLED WITH
   2.3.11
